GIT
  remote: git://github.com/arunagw/omniauth-twitter.git
  revision: 343120bf99b5dbe0515f651e82ba128609ce1a13
  specs:
    omniauth-twitter (1.2.1)
      json (~> 1.3)
      omniauth-oauth (~> 1.1)

GIT
  remote: git://github.com/jpros/rich.git
  revision: 1670365eabed4d80b2c76da7689e1227e06e7e3c
  branch: icons
  specs:
    rich (1.4.8)
      jquery-rails
      kaminari
      mime-types
      rack-raw-upload
      rails (>= 3.2.0)
      sass-rails

GIT
  remote: git://github.com/mkdynamic/omniauth-facebook.git
  revision: 3b084957c0e8fd8a59dd9c44293a02d4ca77835a
  specs:
    omniauth-facebook (4.0.0)
      omniauth-oauth2 (~> 1.2)

GEM
  remote: https://rubygems.org/
  specs:
    actionmailer (4.2.7.1)
      actionpack (= 4.2.7.1)
      actionview (= 4.2.7.1)
      activejob (= 4.2.7.1)
      mail (~> 2.5, >= 2.5.4)
      rails-dom-testing (~> 1.0, >= 1.0.5)
    actionpack (4.2.7.1)
      actionview (= 4.2.7.1)
      activesupport (= 4.2.7.1)
      rack (~> 1.6)
      rack-test (~> 0.6.2)
      rails-dom-testing (~> 1.0, >= 1.0.5)
      rails-html-sanitizer (~> 1.0, >= 1.0.2)
    actionview (4.2.7.1)
      activesupport (= 4.2.7.1)
      builder (~> 3.1)
      erubis (~> 2.7.0)
      rails-dom-testing (~> 1.0, >= 1.0.5)
      rails-html-sanitizer (~> 1.0, >= 1.0.2)
    active_admin_theme (1.0.3)
    active_record_union (1.2.0)
      activerecord (>= 4.0)
    activeadmin (1.0.0.pre1)
      arbre (~> 1.0, >= 1.0.2)
      bourbon
      coffee-rails
      formtastic (~> 3.1)
      formtastic_i18n
      inherited_resources (~> 1.6)
      jquery-rails
      jquery-ui-rails (~> 5.0)
      kaminari (~> 0.15)
      rails (>= 3.2, < 5.0)
      ransack (~> 1.3)
      sass-rails
    activeadmin_addons (0.12.0)
      railties
      select2-rails (~> 3.5.9)
      xdan-datetimepicker-rails (~> 2.5.1)
    activejob (4.2.7.1)
      activesupport (= 4.2.7.1)
      globalid (>= 0.3.0)
    activemodel (4.2.7.1)
      activesupport (= 4.2.7.1)
      builder (~> 3.1)
    activerecord (4.2.7.1)
      activemodel (= 4.2.7.1)
      activesupport (= 4.2.7.1)
      arel (~> 6.0)
    activerecord-tableless (1.3.4)
      activerecord (>= 2.3.0)
    activesupport (4.2.7.1)
      i18n (~> 0.7)
      json (~> 1.7, >= 1.7.7)
      minitest (~> 5.1)
      thread_safe (~> 0.3, >= 0.3.4)
      tzinfo (~> 1.1)
    addressable (2.4.0)
    arbre (1.1.1)
      activesupport (>= 3.0.0)
    arel (6.0.3)
    ast (2.3.0)
    autoprefixer-rails (6.4.1.1)
      execjs
    autosize-rails (1.18.17)
      rails (>= 3.1)
    axiom-types (0.1.1)
      descendants_tracker (~> 0.0.4)
      ice_nine (~> 0.11.0)
      thread_safe (~> 0.3, >= 0.3.1)
    babel-source (5.8.35)
    babel-transpiler (0.7.0)
      babel-source (>= 4.0, < 6)
      execjs (~> 2.0)
    bbcoder (1.1.1)
    bcrypt (3.1.11)
    bourbon (4.3.4)
      sass (~> 3.4)
      thor (~> 0.19)
    builder (3.2.2)
    byebug (5.0.0)
      columnize (= 0.9.0)
    capybara (2.9.1)
      addressable
      mime-types (>= 1.16)
      nokogiri (>= 1.3.3)
      rack (>= 1.0.0)
      rack-test (>= 0.5.4)
      xpath (~> 2.0)
    capybara-email (2.5.0)
      capybara (~> 2.4)
      mail
    chart-js-rails (0.1.3)
      railties (> 3.1)
    chartkick (2.2.4)
    city-state (0.0.13)
      rubyzip (~> 1.1)
    climate_control (0.2.0)
    cliver (0.3.2)
    cocaine (0.5.8)
      climate_control (>= 0.0.3, < 1.0)
    codeclimate-engine-rb (0.3.1)
      virtus (~> 1.0)
    codeclimate-test-reporter (0.6.0)
      simplecov (>= 0.7.1, < 1.0.0)
    coercible (1.0.0)
      descendants_tracker (~> 0.0.1)
    coffee-rails (4.2.1)
      coffee-script (>= 2.2.0)
      railties (>= 4.0.0, < 5.2.x)
    coffee-script (2.4.1)
      coffee-script-source
      execjs
    coffee-script-source (1.10.0)
    cohort_me (0.0.3)
    columnize (0.9.0)
    concurrent-ruby (1.1.5)
    crass (1.0.2)
    cucumber (2.4.0)
      builder (>= 2.1.2)
      cucumber-core (~> 1.5.0)
      cucumber-wire (~> 0.0.1)
      diff-lcs (>= 1.1.3)
      gherkin (~> 4.0)
      multi_json (>= 1.7.5, < 2.0)
      multi_test (>= 0.1.2)
    cucumber-core (1.5.0)
      gherkin (~> 4.0)
    cucumber-rails (1.4.4)
      capybara (>= 1.1.2, < 3)
      cucumber (>= 1.3.8, < 3)
      mime-types (>= 1.16, < 4)
      nokogiri (~> 1.5)
      railties (>= 3, < 5.1)
    cucumber-wire (0.0.1)
    database_cleaner (1.5.3)
    db_text_search (0.2.0)
      activerecord (>= 4.1.15, < 6.0)
    descendants_tracker (0.0.4)
      thread_safe (~> 0.3, >= 0.3.1)
    devise (3.5.6)
      bcrypt (~> 3.0)
      orm_adapter (~> 0.1)
      railties (>= 3.2.6, < 5)
      responders
      thread_safe (~> 0.1)
      warden (~> 1.2.3)
    diff-lcs (1.2.5)
    docile (1.1.5)
    equalizer (0.0.11)
    erubis (2.7.0)
    execjs (2.7.0)
    factory_girl (4.7.0)
      activesupport (>= 3.0.0)
    factory_girl_rails (4.7.0)
      factory_girl (~> 4.7.0)
      railties (>= 3.0.0)
    faraday (0.9.2)
      multipart-post (>= 1.2, < 3)
    ffi (1.9.18)
    figaro (1.1.1)
      thor (~> 0.14)
    font-awesome-rails (4.6.3.1)
      railties (>= 3.2, < 5.1)
    formtastic (3.1.5)
      actionpack (>= 3.2.13)
    formtastic_i18n (0.6.0)
    friendly_id (5.1.0)
      activerecord (>= 4.0.0)
    gemoji (2.1.0)
    geocoder (1.4.0)
    gherkin (4.0.0)
    github-markdown (0.6.9)
    globalid (0.3.7)
      activesupport (>= 4.1.0)
    groupdate (3.2.0)
      activesupport (>= 3)
    haml (4.0.7)
      tilt
    has_scope (0.7.1)
      actionpack (>= 4.1, < 5.2)
      activesupport (>= 4.1, < 5.2)
    hashie (3.4.6)
    html-pipeline (2.4.2)
      activesupport (>= 2)
      nokogiri (>= 1.4)
    html-pipeline-vimeo (0.1.1)
      html-pipeline (~> 2.0)
    html-pipeline-youtube (0.1.3)
      html-pipeline (~> 2.0)
    htmlentities (4.3.4)
    i18n (0.7.0)
    ice_nine (0.11.2)
    impressionist (1.6.0)
      nokogiri (~> 1)
    inherited_resources (1.7.2)
      actionpack (>= 3.2, < 5.2.x)
      has_scope (~> 0.6)
      railties (>= 3.2, < 5.2.x)
      responders
    inline_svg (0.11.0)
      activesupport (>= 4.0)
      loofah (>= 2.0)
      nokogiri (~> 1.6)
    jasmine (2.5.1)
      jasmine-core (>= 2.5.1, < 3.0.0)
      phantomjs
      rack (>= 1.2.1)
      rake
    jasmine-core (2.5.2)
    jquery-rails (4.2.1)
      rails-dom-testing (>= 1, < 3)
      railties (>= 4.2.0)
      thor (>= 0.14, < 2.0)
    jquery-ui-rails (5.0.5)
      railties (>= 3.2.16)
    json (1.8.3)
    jwt (1.5.6)
    kaminari (0.17.0)
      actionpack (>= 3.0.0)
      activesupport (>= 3.0.0)
    libv8 (3.16.14.15)
    loofah (2.0.3)
      nokogiri (>= 1.5.9)
    mail (2.6.4)
      mime-types (>= 1.16, < 4)
    mime-types (3.1)
      mime-types-data (~> 3.2015)
    mime-types-data (3.2016.0521)
    mimemagic (0.3.2)
    mini_portile2 (2.1.0)
    minitest (5.9.1)
    multi_json (1.12.1)
    multi_test (0.1.2)
    multi_xml (0.5.5)
    multipart-post (2.0.0)
    nokogiri (1.6.8)
      mini_portile2 (~> 2.1.0)
      pkg-config (~> 1.1.7)
    nokogumbo (1.4.9)
      nokogiri
    oauth (0.5.1)
    oauth2 (1.2.0)
      faraday (>= 0.8, < 0.10)
      jwt (~> 1.0)
      multi_json (~> 1.3)
      multi_xml (~> 0.5)
      rack (>= 1.2, < 3)
    omniauth (1.3.1)
      hashie (>= 1.2, < 4)
      rack (>= 1.0, < 3)
    omniauth-oauth (1.1.0)
      oauth
      omniauth (~> 1.0)
    omniauth-oauth2 (1.4.0)
      oauth2 (~> 1.0)
      omniauth (~> 1.2)
    orm_adapter (0.5.0)
    paperclip (5.0.0)
      activemodel (>= 4.2.0)
      activesupport (>= 4.2.0)
      cocaine (~> 0.5.5)
      mime-types
      mimemagic (~> 0.3.0)
    parser (2.3.1.4)
      ast (~> 2.2)
    permitted_params (1.0.0)
    pg (0.19.0)
    phantomjs (2.1.1.0)
    pkg-config (1.1.7)
    poltergeist (1.10.0)
      capybara (~> 2.1)
      cliver (~> 0.3.1)
      websocket-driver (>= 0.2.0)
    polyamorous (1.3.1)
      activerecord (>= 3.0)
    power_assert (0.3.1)
    protected_attributes (1.1.3)
      activemodel (>= 4.0.1, < 5.0)
    pundit (1.1.0)
      activesupport (>= 3.0.0)
    rack (1.6.11)
    rack-raw-upload (1.1.1)
      multi_json
    rack-test (0.6.3)
      rack (>= 1.0)
    rack_session_access (0.1.1)
      builder (>= 2.0.0)
      rack (>= 1.0.0)
    rails (4.2.7.1)
      actionmailer (= 4.2.7.1)
      actionpack (= 4.2.7.1)
      actionview (= 4.2.7.1)
      activejob (= 4.2.7.1)
      activemodel (= 4.2.7.1)
      activerecord (= 4.2.7.1)
      activesupport (= 4.2.7.1)
      bundler (>= 1.3.0, < 2.0)
      railties (= 4.2.7.1)
      sprockets-rails
    rails-deprecated_sanitizer (1.0.3)
      activesupport (>= 4.2.0.alpha)
    rails-dom-testing (1.0.7)
      activesupport (>= 4.2.0.beta, < 5.0)
      nokogiri (~> 1.6.0)
      rails-deprecated_sanitizer (>= 1.0.1)
    rails-html-sanitizer (1.0.3)
      loofah (~> 2.0)
    rails-timeago (2.15.0)
      actionpack (>= 3.1)
      activesupport (>= 3.1)
    railties (4.2.7.1)
      actionpack (= 4.2.7.1)
      activesupport (= 4.2.7.1)
      rake (>= 0.8.7)
      thor (>= 0.18.1, < 2.0)
    rainbow (2.1.0)
    rake (11.3.0)
    ransack (1.8.3)
      actionpack (>= 3.0)
      activerecord (>= 3.0)
      activesupport (>= 3.0)
      i18n
      polyamorous (~> 1.3)
    rb-fsevent (0.10.2)
    rb-gravatar (1.0.5)
    rb-inotify (0.9.10)
      ffi (>= 0.5.0, < 2)
    reek (4.4.2)
      codeclimate-engine-rb (~> 0.3.1)
      parser (~> 2.3.1, >= 2.3.1.2)
      rainbow (~> 2.0)
    ref (2.0.0)
    responders (2.3.0)
      railties (>= 4.2.0, < 5.1)
    rspec-core (2.14.8)
    rspec-expectations (2.14.5)
      diff-lcs (>= 1.1.3, < 2.0)
    rspec-mocks (2.14.6)
    rspec-rails (2.14.2)
      actionpack (>= 3.0)
      activemodel (>= 3.0)
      activesupport (>= 3.0)
      railties (>= 3.0)
      rspec-core (~> 2.14.0)
      rspec-expectations (~> 2.14.0)
      rspec-mocks (~> 2.14.0)
    rubyzip (1.2.1)
    sanitize (4.3.0)
      crass (~> 1.0.2)
      nokogiri (>= 1.4.4)
      nokogumbo (~> 1.4.1)
    sass (3.5.1)
      sass-listen (~> 4.0.0)
    sass-listen (4.0.0)
      rb-fsevent (~> 0.9, >= 0.9.4)
      rb-inotify (~> 0.9, >= 0.9.7)
    sass-rails (5.0.6)
      railties (>= 4.0.0, < 6)
      sass (~> 3.1)
      sprockets (>= 2.8, < 4.0)
      sprockets-rails (>= 2.0, < 4.0)
      tilt (>= 1.1, < 3)
    select2-rails (3.5.10)
      thor (~> 0.14)
    simplecov (0.12.0)
      docile (~> 1.1.0)
      json (>= 1.8, < 3)
      simplecov-html (~> 0.10.0)
    simplecov-html (0.10.0)
    sprockets (3.7.2)
      concurrent-ruby (~> 1.0)
      rack (> 1, < 3)
    sprockets-es6 (0.9.2)
      babel-source (>= 5.8.11)
      babel-transpiler
      sprockets (>= 3.0.0)
    sprockets-rails (3.2.0)
      actionpack (>= 4.0)
      activesupport (>= 4.0)
      sprockets (>= 3.0.0)
    sqlite3 (1.3.11)
    test-unit (3.2.1)
      power_assert
    therubyracer (0.12.2)
      libv8 (~> 3.16.14.0)
      ref
    thor (0.19.4)
    thread_safe (0.3.5)
    thredded (0.6.3)
      active_record_union (>= 1.2.0)
      autoprefixer-rails
      autosize-rails
      bbcoder (~> 1.0)
      db_text_search (~> 0.2.0)
      friendly_id
      gemoji
      github-markdown
      html-pipeline
      html-pipeline-vimeo
      html-pipeline-youtube
      htmlentities
      inline_svg
      jquery-rails
      kaminari
      nokogiri
      pundit (>= 1.1.0)
      rails (>= 4.2.0)
      rails-timeago
      rb-gravatar
      sanitize
      sass (>= 3.4.21)
      select2-rails (~> 3.5)
      sprockets-es6
    tilt (2.0.5)
    tzinfo (1.2.2)
      thread_safe (~> 0.1)
    uglifier (3.0.2)
      execjs (>= 0.3.0, < 3)
    virtus (1.0.5)
      axiom-types (~> 0.1)
      coercible (~> 1.0)
      descendants_tracker (~> 0.0, >= 0.0.3)
      equalizer (~> 0.0, >= 0.0.9)
    warden (1.2.6)
      rack (>= 1.0)
    websocket-driver (0.6.4)
      websocket-extensions (>= 0.1.0)
    websocket-extensions (0.1.2)
    xdan-datetimepicker-rails (2.5.4)
      jquery-rails
      rails (>= 3.2.16)
    xpath (2.0.0)
      nokogiri (~> 1.3)

PLATFORMS
  ruby

DEPENDENCIES
  active_admin_theme
  activeadmin (= 1.0.0.pre1)
  activeadmin_addons
  activerecord-tableless (~> 1.0)
  byebug (= 5.0.0)
  capybara-email
  chart-js-rails
  chartkick
  city-state
  codeclimate-test-reporter
  coffee-rails
  cohort_me
  cucumber-rails
  database_cleaner
  devise (~> 3.2)
  factory_girl
  factory_girl_rails (~> 4.0)
  figaro
  font-awesome-rails
  formtastic (~> 3.0)
  geocoder
  groupdate
  haml
  impressionist
  jasmine
  jquery-rails
  jquery-ui-rails
  omniauth-facebook!
  omniauth-twitter!
  paperclip (~> 5.0.0)
  permitted_params
  pg
  phantomjs
  poltergeist
  protected_attributes
  rack_session_access
  rails (~> 4.2.4)
  rake
  ransack
  reek
  rich!
  rspec-rails (~> 2.14.0)
  sass-rails
  simplecov
  sqlite3
  test-unit (~> 3.0)
  therubyracer
  thredded
  uglifier

RUBY VERSION
   ruby 2.2.2p95

BUNDLED WITH
   1.16.6
